GEM
  remote: https://rubygems.org/
  specs:
    addressable (2.4.0)
    faraday (0.9.2)
      multipart-post (>= 1.2, < 3)
    json (1.8.3)
    multipart-post (2.0.0)
    octokit (4.3.0)
      sawyer (~> 0.7.0, >= 0.5.3)
    rack (1.6.4)
    rack-protection (1.5.3)
      rack
    renegade (0.1.49)
    sawyer (0.7.0)
      addressable (>= 2.3.5, < 2.5)
      faraday (~> 0.8, < 0.10)
    sinatra (1.4.7)
      rack (~> 1.5)
      rack-protection (~> 1.4)
      tilt (>= 1.3, < 3)
    tilt (2.0.2)
    uri_template (0.7.0)
    xambassador (0.0.3)
      octokit (~> 4.3.0)
      renegade (= 0.1.49)
      uri_template (= 0.7.0)

PLATFORMS
  ruby

DEPENDENCIES
  json
  sinatra
  xambassador (= 0.0.3)

BUNDLED WITH
   1.11.2
